GEM
  remote: https://rubygems.org/
  specs:
    swagger-blocks (1.3.4)

PLATFORMS
  ruby

DEPENDENCIES
  swagger-blocks

BUNDLED WITH
   1.12.5
